{
	"Modality": "MR",
	"MagneticFieldStrength": 7,
	"ImagingFrequency": 297.14,
	"Manufacturer": "Siemens",
	"ManufacturersModelName": "Terra",
	"InstitutionName": "QEUH",
	"InstitutionalDepartmentName": "Department",
	"InstitutionAddress": "Govan_Road_1345_GLASGOW_Glasgow_GB_G51_4TF",
	"DeviceSerialNumber": "79105",
	"StationName": "AWP79105",
	"BodyPartExamined": "BRAIN",
	"PatientPosition": "HFS",
	"ProcedureStepDescription": "Muckli_Functional",
	"SoftwareVersions": "syngo_MR_E12",
	"MRAcquisitionType": "3D",
	"SeriesDescription": "mp2rage_sag_p3_0.6mm_INV1",
	"ProtocolName": "mp2rage_sag_p3_0.6mm",
	"ScanningSequence": "GR_IR",
	"SequenceVariant": "SK_SP_MP",
	"ScanOptions": "IR_WE",
	"SequenceName": "_tfl3d1_16ns",
	"ImageType": ["ORIGINAL", "PRIMARY", "M", "ND"],
	"SeriesNumber": 2,
	"AcquisitionTime": "13:15:21.675000",
	"AcquisitionNumber": 1,
	"SliceThickness": 0.63,
	"SAR": 0.100824,
	"EchoTime": 0.00207,
	"RepetitionTime": 4.68,
	"InversionTime": 0.84,
	"FlipAngle": 5,
	"PartialFourier": 1,
	"BaseResolution": 384,
	"ShimSetting": [
		19,
		-6,
		708,
		185,
		4,
		801,
		384,
		141	],
	"TxRefAmp": 201.631,
	"PhaseResolution": 1,
	"ReceiveCoilName": "1Tx32Rx_Head",
	"CoilString": "A32",
	"PulseSequenceDetails": "%SiemensSeq%_tfl",
	"ConsistencyInfo": "N4_VE12U_LATEST_20181126",
	"PercentPhaseFOV": 93.75,
	"PhaseEncodingSteps": 358,
	"AcquisitionMatrixPE": 360,
	"ReconMatrixPE": 384,
	"PixelBandwidth": 250,
	"DwellTime": 5.2e-06,
	"ImageOrientationPatientDICOM": [
		0,
		0.939693,
		-0.34202,
		0,
		-0.34202,
		-0.939693	],
	"InPlanePhaseEncodingDirectionDICOM": "ROW",
	"ConversionSoftware": "dcm2niix",
	"ConversionSoftwareVersion": "v1.0.20181125  GCC5.4.0"
}
